GEM
  remote: https://rubygems.org/
  specs:
    bourbon (4.2.6)
      sass (~> 3.4)
      thor (~> 0.19)
    commonjs (0.2.7)
    font-awesome-less (4.5.0)
      less (>= 2.4.0)
    less (2.6.0)
      commonjs (~> 0.2.7)
    rack (1.6.4)
    rack-protection (1.5.3)
      rack
    sass (3.4.20)
    sinatra (1.4.6)
      rack (~> 1.4)
      rack-protection (~> 1.4)
      tilt (>= 1.3, < 3)
    thor (0.19.1)
    tilt (2.0.1)

PLATFORMS
  ruby

DEPENDENCIES
  bourbon
  font-awesome-less
  rack
  sinatra

BUNDLED WITH
   1.10.6
